PATH
  remote: .
  specs:
    railsfinder (0.1.0)
      tty-box (~> 0.7)
      tty-cursor (~> 0.7)
      tty-reader (~> 0.9)
      tty-screen (~> 0.8)

GEM
  remote: https://rubygems.org/
  specs:
    minitest (5.22.3)
    mocha (2.2.0)
      ruby2_keywords (>= 0.0.5)
    pastel (0.8.0)
      tty-color (~> 0.5)
    rake (13.2.1)
    ruby2_keywords (0.0.5)
    strings (0.2.1)
      strings-ansi (~> 0.2)
      unicode-display_width (>= 1.5, < 3.0)
      unicode_utils (~> 1.4)
    strings-ansi (0.2.0)
    tty-box (0.7.0)
      pastel (~> 0.8)
      strings (~> 0.2.0)
      tty-cursor (~> 0.7)
    tty-color (0.6.0)
    tty-cursor (0.7.1)
    tty-reader (0.9.0)
      tty-cursor (~> 0.7)
      tty-screen (~> 0.8)
      wisper (~> 2.0)
    tty-screen (0.8.2)
    unicode-display_width (2.5.0)
    unicode_utils (1.4.0)
    wisper (2.0.1)

PLATFORMS
  ruby
  x86_64-linux

DEPENDENCIES
  minitest (~> 5.16)
  mocha (~> 2.2)
  railsfinder!
  rake (~> 13.0)

BUNDLED WITH
   2.5.9
